GEM
  remote: https://rubygems.org/
  specs:
    mail (2.6.6)
      mime-types (>= 1.16, < 4)
    mime-types (3.1)
      mime-types-data (~> 3.2015)
    mime-types-data (3.2016.0521)
    mustache (1.0.5)
    require_all (1.4.0)

PLATFORMS
  ruby

DEPENDENCIES
  mail (~> 2.6.4)
  mustache (~> 1.0.3)
  require_all

BUNDLED WITH
   1.16.0
